GIT
  remote: https://github.com/euank/MarketWatch-client.git
  revision: 6254c71d03320ec62d913ae48d3914c5357561e6
  specs:
    marketwatch-client (0.0.1)

GEM
  remote: https://rubygems.org/
  specs:
    rack (1.5.2)
    rack-protection (1.5.1)
      rack
    sinatra (1.4.4)
      rack (~> 1.4)
      rack-protection (~> 1.4)
      tilt (~> 1.3, >= 1.3.4)
    tilt (1.4.1)

PLATFORMS
  ruby

DEPENDENCIES
  marketwatch-client!
  sinatra
